GEM
  remote: http://rubygems.org/
  specs:
    lilutils (0.0.3)
    lorem-ipsum (0.1.1)
    mixlib-cli (1.2.2)

PLATFORMS
  ruby

DEPENDENCIES
  lilutils
  lorem-ipsum
  mixlib-cli
