GEM
  remote: http://rubygems.org/
  specs:
    lilutils (0.0.3)
    mixlib-cli (1.2.2)
    random_ipsum (0.0.1)

PLATFORMS
  ruby

DEPENDENCIES
  lilutils
  mixlib-cli
  random_ipsum
