GEM
  remote: http://rubygems.org/
  specs:
    lilutils (0.0.3)
    mixlib-cli (1.2.2)

PLATFORMS
  ruby

DEPENDENCIES
  lilutils
  mixlib-cli
